GEM
  remote: http://rubygems.org/
  specs:
    classifier (1.3.3)
      fast-stemmer (>= 1.0.0)
    directory_watcher (1.4.1)
    fast-stemmer (1.0.2)
    jekyll (0.6.2)
      classifier (>= 1.3.1)
      directory_watcher (>= 1.1.1)
      liquid (>= 1.9.0)
      maruku (>= 0.5.9)
    liquid (2.4.1)
    maruku (0.6.1)
      syntax (>= 1.0.0)
    syntax (1.0.0)

PLATFORMS
  ruby

DEPENDENCIES
  jekyll
